GEM
  remote: https://rubygems.org/
  specs:
    awesome_print (1.7.0)
    celluloid (0.16.0)
      timers (~> 4.0.0)
    celluloid-io (0.16.2)
      celluloid (>= 0.16.0)
      nio4r (>= 1.1.0)
    celluloid-redis (0.0.2)
      celluloid-io (>= 0.13.0.pre)
      redis
    celluloid-zmq (0.16.1)
      celluloid (~> 0.16)
      ffi
      ffi-rzmq
    dcell (0.16.1)
      celluloid (~> 0.16.0)
      celluloid-redis
      celluloid-zmq (~> 0.16.0)
      http (~> 0.5.0)
      redis-namespace
      reel (~> 0.4.0)
    dotenv (2.1.1)
    ffi (1.9.17)
    ffi-rzmq (2.0.4)
      ffi-rzmq-core (>= 1.0.1)
    ffi-rzmq-core (1.0.5)
      ffi
    hitimes (1.2.4)
    http (0.5.1)
      http_parser.rb
    http_parser.rb (0.6.0)
    i18n (0.7.0)
    json (2.0.2)
    nio4r (2.0.0)
    rake (11.2.2)
    redis (3.3.3)
    redis-namespace (1.5.2)
      redis (~> 3.0, >= 3.0.4)
    reel (0.4.0)
      celluloid (>= 0.15.1)
      celluloid-io (>= 0.15.0)
      http (>= 0.5.0)
      http_parser.rb (>= 0.6.0.beta.2)
      websocket_parser (>= 0.1.4)
    timers (4.0.4)
      hitimes
    websocket_parser (1.0.0)

PLATFORMS
  ruby

DEPENDENCIES
  awesome_print (= 1.7.0)
  dcell
  dotenv (= 2.1.1)
  i18n (= 0.7.0)
  json (= 2.0.2)
  rake (= 11.2.2)

RUBY VERSION
   ruby 2.2.2p95

BUNDLED WITH
   1.12.5
